GEM
  remote: https://rubygems.org/
  specs:
    aws-eventstream (1.1.1)
    aws-partitions (1.487.0)
    aws-sdk-core (3.119.0)
      aws-eventstream (~> 1, >= 1.0.2)
      aws-partitions (~> 1, >= 1.239.0)
      aws-sigv4 (~> 1.1)
      jmespath (~> 1.0)
    aws-sdk-dynamodb (1.62.0)
      aws-sdk-core (~> 3, >= 3.119.0)
      aws-sigv4 (~> 1.1)
    aws-sigv4 (1.2.4)
      aws-eventstream (~> 1, >= 1.0.2)
    byebug (11.1.3)
    jmespath (1.4.0)
    mini_portile2 (2.6.1)
    nokogiri (1.12.2)
      mini_portile2 (~> 2.6.1)
      racc (~> 1.4)
    racc (1.5.2)

PLATFORMS
  ruby

DEPENDENCIES
  aws-sdk-dynamodb
  byebug
  nokogiri

BUNDLED WITH
   2.1.4
